GIT
  remote: https://github.com/raphyduck/bitfinex-api-rb.git
  revision: 4a0429dcf7f0bf9fd7ec0890759d55e0e11fd989
  specs:
    bitfinex-rb (0.0.8)
      eventmachine (~> 1.0, >= 1.0.9.1)
      faraday (~> 0.9.2, >= 0.9.2)
      faraday-detailed_logger (~> 1.0.0, >= 1.0.0)
      faraday_middleware (~> 0.10, >= 0.10.0)
      faye-websocket (~> 0.10.3)
      json (~> 1.8.3, >= 1.8.3)

GEM
  remote: http://rubygems.org/
  specs:
    bigdecimal (1.2.6)
    concurrent-ruby (1.0.2)
    eventmachine (1.2.1)
    faraday (0.9.2)
      multipart-post (>= 1.2, < 3)
    faraday-detailed_logger (1.0.0)
      faraday
    faraday_middleware (0.10.1)
      faraday (>= 0.7.4, < 1.0)
    faye-websocket (0.10.5)
      eventmachine (>= 0.12.0)
      websocket-driver (>= 0.5.1)
    hamster (3.0.0)
      concurrent-ruby (~> 1.0)
    json (1.8.3)
    multipart-post (2.0.0)
    websocket-driver (0.6.4)
      websocket-extensions (>= 0.1.0)
    websocket-extensions (0.1.2)

PLATFORMS
  ruby

DEPENDENCIES
  bigdecimal
  bitfinex-rb!
  hamster (= 3.0.0)

RUBY VERSION
   ruby 2.2.5p319

BUNDLED WITH
   1.13.6
